GEM
  remote: https://rubygems.org/
  specs:
    docile (1.3.1)
    json (2.2.0)
    minitest (5.11.3)
    mustermann (1.0.3)
    rack (2.0.7)
    rack-protection (2.0.5)
      rack
    rack-test (1.1.0)
      rack (>= 1.0, < 3)
    rake (12.3.2)
    simplecov (0.16.1)
      docile (~> 1.1)
      json (>= 1.8, < 3)
      simplecov-html (~> 0.10.0)
    simplecov-html (0.10.2)
    sinatra (2.0.5)
      mustermann (~> 1.0)
      rack (~> 2.0)
      rack-protection (= 2.0.5)
      tilt (~> 2.0)
    tilt (2.0.9)

PLATFORMS
  ruby

DEPENDENCIES
  minitest (~> 5.11)
  rack (~> 2.0)
  rack-test (~> 1.1.0)
  rake (~> 12.3)
  simplecov (~> 0.16.1)
  sinatra (~> 2.0)

BUNDLED WITH
   2.0.1
